GEM
  remote: https://rubygems.org/
  specs:
    diff-lcs (1.2.5)
    ffi (1.9.3)
    m3uzi2 (1.0.0)
    rack (1.5.2)
    rack-protection (1.5.3)
      rack
    rb-inotify (0.9.5)
      ffi (>= 0.5.0)
    rspec (3.1.0)
      rspec-core (~> 3.1.0)
      rspec-expectations (~> 3.1.0)
      rspec-mocks (~> 3.1.0)
    rspec-core (3.1.4)
      rspec-support (~> 3.1.0)
    rspec-expectations (3.1.1)
      diff-lcs (>= 1.2.0, < 2.0)
      rspec-support (~> 3.1.0)
    rspec-mocks (3.1.1)
      rspec-support (~> 3.1.0)
    rspec-support (3.1.0)
    sinatra (1.4.5)
      rack (~> 1.4)
      rack-protection (~> 1.4)
      tilt (~> 1.3, >= 1.3.4)
    sunra_config (0.0.19)
    sunra_logging (0.0.4)
    tilt (1.4.1)

PLATFORMS
  ruby

DEPENDENCIES
  m3uzi2
  rb-inotify
  rspec
  rspec-mocks
  sinatra
  sunra_config
  sunra_logging
